GEM
  remote: https://rubygems.org/
  specs:
    combine_pdf (1.0.23)
      matrix
      ruby-rc4 (>= 0.1.5)
    matrix (0.4.2)
    ruby-rc4 (0.1.5)

PLATFORMS
  arm64-darwin-22

DEPENDENCIES
  combine_pdf

BUNDLED WITH
   2.4.19
